PATH
  remote: .
  specs:
    rotoscope (0.1.0)

GEM
  remote: https://rubygems.org/
  specs:
    ast (2.3.0)
    metaclass (0.0.4)
    minitest (5.10.1)
    mocha (0.14.0)
      metaclass (~> 0.0.1)
    parser (2.3.3.1)
      ast (~> 2.2)
    powerpack (0.1.1)
    rainbow (2.2.1)
    rake (12.0.0)
    rake-compiler (0.9.9)
      rake
    rubocop (0.47.1)
      parser (>= 2.3.3.1, < 3.0)
      powerpack (~> 0.1)
      rainbow (>= 1.99.1, < 3.0)
      ruby-progressbar (~> 1.7)
      unicode-display_width (~> 1.0, >= 1.0.1)
    ruby-progressbar (1.8.1)
    unicode-display_width (1.1.3)

PLATFORMS
  ruby

DEPENDENCIES
  minitest (~> 5.0)
  mocha (~> 0.14)
  rake-compiler (~> 0.9)
  rotoscope!
  rubocop

BUNDLED WITH
   1.14.3
