PATH
  remote: .
  specs:
    rotoscope (0.1.0)

GEM
  remote: https://rubygems.org/
  specs:
    metaclass (0.0.4)
    minitest (5.10.1)
    mocha (0.14.0)
      metaclass (~> 0.0.1)
    rake (12.0.0)
    rake-compiler (0.9.9)
      rake

PLATFORMS
  ruby

DEPENDENCIES
  minitest (~> 5.0)
  mocha (~> 0.14)
  rake-compiler (~> 0.9)
  rotoscope!

BUNDLED WITH
   1.14.2
